GEM
  remote: https://rubygems.org/
  specs:
    addressable (2.4.0)
    crack (0.4.3)
      safe_yaml (~> 1.0.0)
    hashdiff (0.2.3)
    httparty (0.15.6)
      multi_xml (>= 0.5.2)
    metaclass (0.0.4)
    minispec-metadata (2.0.0)
      minitest
    minitest (5.8.3)
    minitest-spec (0.0.2.1)
      minitest (>= 3.0)
    mocha (1.1.0)
      metaclass (~> 0.0.1)
    multi_xml (0.6.0)
    safe_yaml (1.0.4)
    vcr (3.0.0)
    webmock (1.22.3)
      addressable (>= 2.3.6)
      crack (>= 0.3.2)
      hashdiff

PLATFORMS
  ruby

DEPENDENCIES
  httparty
  minispec-metadata
  minitest-spec
  mocha
  vcr
  webmock

BUNDLED WITH
   1.15.4
